GEM
  remote: http://rubygems.org/
  specs:
    actionmailer (3.2.22.5)
      actionpack (= 3.2.22.5)
      mail (~> 2.5.4)
    actionpack (3.2.22.5)
      activemodel (= 3.2.22.5)
      activesupport (= 3.2.22.5)
      builder (~> 3.0.0)
      erubis (~> 2.7.0)
      journey (~> 1.0.4)
      rack (~> 1.4.5)
      rack-cache (~> 1.2)
      rack-test (~> 0.6.1)
      sprockets (~> 2.2.1)
    activemodel (3.2.22.5)
      activesupport (= 3.2.22.5)
      builder (~> 3.0.0)
    activerecord (3.2.22.5)
      activemodel (= 3.2.22.5)
      activesupport (= 3.2.22.5)
      arel (~> 3.0.2)
      tzinfo (~> 0.3.29)
    activeresource (3.2.22.5)
      activemodel (= 3.2.22.5)
      activesupport (= 3.2.22.5)
    activesupport (3.2.22.5)
      i18n (~> 0.6, >= 0.6.4)
      multi_json (~> 1.0)
    aes_key_wrap (1.0.1)
    ansi (1.5.0)
    arel (3.0.3)
    attr_required (1.0.1)
    bindata (2.4.4)
    builder (3.0.4)
    chunky_png (1.3.11)
    concurrent-ruby (1.1.5)
    constant_cache (0.0.2)
      activerecord (>= 2.0.2)
      activesupport (>= 2.0.2)
    erubis (2.7.0)
    fb_graph (2.7.17)
      httpclient (>= 2.4)
      multi_json (>= 1.3)
      rack-oauth2 (>= 0.14.4)
      tzinfo
    hike (1.2.3)
    html5_validators (1.9.0)
      activemodel
    httpclient (2.8.3)
    i18n (0.9.5)
      concurrent-ruby (~> 1.0)
    journey (1.0.4)
    jquery-rails (3.1.5)
      railties (>= 3.0, < 5.0)
      thor (>= 0.14, < 2.0)
    json (1.8.6)
    json-jwt (1.9.4)
      activesupport
      aes_key_wrap
      bindata
    mail (2.5.5)
      mime-types (~> 1.16)
      treetop (~> 1.4.8)
    mime-types (1.25.1)
    minitest (4.7.5)
    multi_json (1.14.1)
    nio4r (2.5.2)
    openid_connect (1.1.8)
      activemodel
      attr_required (>= 1.0.0)
      json-jwt (>= 1.5.0)
      rack-oauth2 (>= 1.6.1)
      swd (>= 1.0.0)
      tzinfo
      validate_email
      validate_url
      webfinger (>= 1.0.1)
    pg (0.21.0)
    polyamorous (1.1.0)
      activerecord (>= 3.0)
    polyglot (0.3.5)
    power_assert (1.1.5)
    public_suffix (4.0.3)
    puma (4.3.1)
      nio4r (~> 2.0)
    rack (1.4.7)
    rack-cache (1.11.0)
      rack (>= 0.4)
    rack-oauth2 (1.10.0)
      activesupport
      attr_required
      httpclient
      json-jwt (>= 1.9.0)
      rack
    rack-ssl (1.3.4)
      rack
    rack-test (0.6.3)
      rack (>= 1.0)
    rails (3.2.22.5)
      actionmailer (= 3.2.22.5)
      actionpack (= 3.2.22.5)
      activerecord (= 3.2.22.5)
      activeresource (= 3.2.22.5)
      activesupport (= 3.2.22.5)
      bundler (~> 1.0)
      railties (= 3.2.22.5)
    railties (3.2.22.5)
      actionpack (= 3.2.22.5)
      activesupport (= 3.2.22.5)
      rack-ssl (~> 1.3.2)
      rake (>= 0.8.7)
      rdoc (~> 3.4)
      thor (>= 0.14.6, < 2.0)
    rake (13.0.1)
    rdoc (3.12.2)
      json (~> 1.4)
    rqrcode (1.1.2)
      chunky_png (~> 1.0)
      rqrcode_core (~> 0.1)
    rqrcode_core (0.1.1)
    sprockets (2.2.3)
      hike (~> 1.2)
      multi_json (~> 1.0)
      rack (~> 1.0)
      tilt (~> 1.1, != 1.3.0)
    squeel (1.2.3)
      activerecord (>= 3.0)
      activesupport (>= 3.0)
      polyamorous (~> 1.1.0)
    swd (1.1.2)
      activesupport (>= 3)
      attr_required (>= 0.0.5)
      httpclient (>= 2.4)
    test-unit (3.3.5)
      power_assert
    thor (1.0.1)
    tilt (1.4.1)
    treetop (1.4.15)
      polyglot
      polyglot (>= 0.3.1)
    turn (0.9.7)
      ansi
      minitest (~> 4)
    tzinfo (0.3.56)
    validate_email (0.1.6)
      activemodel (>= 3.0)
      mail (>= 2.2.5)
    validate_url (1.0.8)
      activemodel (>= 3.0.0)
      public_suffix
    webfinger (1.1.0)
      activesupport
      httpclient (>= 2.4)

PLATFORMS
  ruby

DEPENDENCIES
  constant_cache
  fb_graph
  html5_validators
  jquery-rails
  json-jwt (>= 1.9.4)
  openid_connect
  pg (~> 0.18)
  puma
  rack-oauth2
  rack-ssl
  rails (~> 3.2)
  rqrcode
  squeel
  test-unit (~> 3.0)
  turn
  validate_email
  validate_url

RUBY VERSION
   ruby 2.5.1p57

BUNDLED WITH
   1.17.3
